GEM
  remote: https://rubygems.org/
  specs:
    blankslate (2.1.2.4)
    diff-lcs (1.2.1)
    edn (1.0.0)
      parslet (~> 1.4.0)
    parslet (1.4.0)
      blankslate (~> 2.0)
    rspec (2.13.0)
      rspec-core (~> 2.13.0)
      rspec-expectations (~> 2.13.0)
      rspec-mocks (~> 2.13.0)
    rspec-core (2.13.0)
    rspec-expectations (2.13.0)
      diff-lcs (>= 1.1.3, < 2.0)
    rspec-mocks (2.13.0)
    torquebox-core (2.3.0-java)
    torquebox-messaging (2.3.0-java)
      edn (= 1.0.0)
      torquebox-core (= 2.3.0)
      torquebox-transactions (= 2.3.0)
    torquebox-transactions (2.3.0)
      torquebox-core (= 2.3.0)

PLATFORMS
  java

DEPENDENCIES
  rspec
  rspec-mocks
  torquebox-messaging
