GEM
  remote: https://rubygems.org/
  specs:
    bcrypt-ruby (3.0.1)
    bcrypt-ruby (3.0.1-java)
    diff-lcs (1.2.1)
    rspec (2.13.0)
      rspec-core (~> 2.13.0)
      rspec-expectations (~> 2.13.0)
      rspec-mocks (~> 2.13.0)
    rspec-core (2.13.0)
    rspec-expectations (2.13.0)
      diff-lcs (>= 1.1.3, < 2.0)
    rspec-mocks (2.13.0)
    sqlite3 (1.3.7)

PLATFORMS
  java
  ruby

DEPENDENCIES
  bcrypt-ruby
  rspec
  rspec-mocks
  sqlite3
