GEM
  remote: https://rubygems.org/
  specs:
    bcrypt-ruby (3.0.1-java)
    diff-lcs (1.2.1)
    jdbc-hsqldb (2.2.9.1)
    rspec (2.13.0)
      rspec-core (~> 2.13.0)
      rspec-expectations (~> 2.13.0)
      rspec-mocks (~> 2.13.0)
    rspec-core (2.13.0)
    rspec-expectations (2.13.0)
      diff-lcs (>= 1.1.3, < 2.0)
    rspec-mocks (2.13.0)
    sequel (3.45.0)

PLATFORMS
  java

DEPENDENCIES
  bcrypt-ruby
  jdbc-hsqldb
  rspec
  rspec-mocks
  sequel
